PATH
  remote: /Users/christiansamuel/src/personal/pxlsrt
  specs:
    pxlsrt (1.8.1)
      oily_png (~> 1.2.1)
      thor (~> 0.18)

GEM
  remote: https://rubygems.org/
  specs:
    chunky_png (1.3.7)
    coderay (1.1.1)
    method_source (0.8.2)
    oily_png (1.2.1)
      chunky_png (~> 1.3.7)
    pry (0.10.4)
      coderay (~> 1.1.0)
      method_source (~> 0.8.1)
      slop (~> 3.4)
    rmagick (2.16.0)
    slop (3.6.0)
    thor (0.19.1)

PLATFORMS
  ruby

DEPENDENCIES
  pry
  pxlsrt!
  rmagick

BUNDLED WITH
   1.13.2
