PATH
  remote: /Users/christiansamuel/src/personal/pxlsrt
  specs:
    pxlsrt (1.8.1)
      oily_png (~> 1.2.1)
      thor (~> 0.18)

GEM
  remote: https://rubygems.org/
  specs:
    chunky_png (1.3.7)
    coderay (1.1.1)
    exifr (1.2.5)
    fspath (3.0.1)
    image_optim (0.24.0)
      exifr (~> 1.2, >= 1.2.2)
      fspath (~> 3.0)
      image_size (~> 1.3)
      in_threads (~> 1.3)
      progress (~> 3.0, >= 3.0.1)
    image_optim_pack (0.3.0.20160927)
      fspath (>= 2.1, < 4)
      image_optim (~> 0.19)
    image_size (1.4.2)
    in_threads (1.3.1)
    method_source (0.8.2)
    oily_png (1.2.1)
      chunky_png (~> 1.3.7)
    progress (3.2.2)
    pry (0.10.4)
      coderay (~> 1.1.0)
      method_source (~> 0.8.1)
      slop (~> 3.4)
    rmagick (2.16.0)
    slop (3.6.0)
    thor (0.19.1)

PLATFORMS
  ruby

DEPENDENCIES
  image_optim
  image_optim_pack
  pry
  pxlsrt!
  rmagick

BUNDLED WITH
   1.13.2
